GEM
  remote: https://rubygems.org/
  specs:
    coderay (1.1.3)
    dotenv (2.8.1)
    ffi (1.16.3)
    graphql (2.1.6)
      racc (~> 1.4)
    listen (3.8.0)
      rb-fsevent (~> 0.10, >= 0.10.3)
      rb-inotify (~> 0.9, >= 0.9.10)
    method_source (1.0.0)
    pry (0.14.2)
      coderay (~> 1.1)
      method_source (~> 1.0)
    racc (1.7.3)
    rack (3.0.8)
    rb-fsevent (0.11.2)
    rb-inotify (0.10.1)
      ffi (~> 1.0)
    rerun (0.14.0)
      listen (~> 3.0)
    sqlite3 (1.6.8-arm64-darwin)

PLATFORMS
  arm64-darwin-23

DEPENDENCIES
  dotenv (~> 2.8, >= 2.8.1)
  graphql (~> 2.1, >= 2.1.6)
  pry (~> 0.14.2)
  rack (~> 3.0, >= 3.0.8)
  rerun (~> 0.14.0)
  sqlite3 (~> 1.6, >= 1.6.8)

BUNDLED WITH
   2.4.20
